PATH
  remote: .
  specs:
    zomato2 (0.1.0)
      faraday

GEM
  remote: https://rubygems.org/
  specs:
    addressable (2.5.0)
      public_suffix (~> 2.0, >= 2.0.2)
    crack (0.4.3)
      safe_yaml (~> 1.0.0)
    diff-lcs (1.3)
    dotenv (2.1.1)
    faraday (0.11.0)
      multipart-post (>= 1.2, < 3)
    ffi (1.9.17)
    growl (1.0.3)
    hashdiff (0.3.2)
    libnotify (0.9.1)
      ffi (>= 1.0.11)
    multipart-post (2.0.0)
    public_suffix (2.0.5)
    rake (10.5.0)
    rb-inotify (0.9.7)
      ffi (>= 0.5.0)
    rspec (3.5.0)
      rspec-core (~> 3.5.0)
      rspec-expectations (~> 3.5.0)
      rspec-mocks (~> 3.5.0)
    rspec-core (3.5.4)
      rspec-support (~> 3.5.0)
    rspec-expectations (3.5.0)
      diff-lcs (>= 1.2.0, < 2.0)
      rspec-support (~> 3.5.0)
    rspec-mocks (3.5.0)
      diff-lcs (>= 1.2.0, < 2.0)
      rspec-support (~> 3.5.0)
    rspec-support (3.5.0)
    safe_yaml (1.0.4)
    terminal-notifier (1.7.1)
    terminal-notifier-guard (1.7.0)
    vcr (3.0.3)
    webmock (2.3.2)
      addressable (>= 2.3.6)
      crack (>= 0.3.2)
      hashdiff

PLATFORMS
  ruby

DEPENDENCIES
  bundler
  dotenv
  growl
  libnotify
  rake (~> 10.0)
  rb-inotify (~> 0.9)
  rspec
  terminal-notifier
  terminal-notifier-guard
  vcr
  webmock
  zomato2!

BUNDLED WITH
   1.13.1
